PATH
  remote: .
  specs:
    spoontastic-meal-plan (0.1.0)

GEM
  remote: https://rubygems.org/
  specs:
    dotenv (2.7.6)
    httparty (0.18.1)
      mime-types (~> 3.0)
      multi_xml (>= 0.5.2)
    mime-types (3.3.1)
      mime-types-data (~> 3.2015)
    mime-types-data (3.2020.1104)
    mini_portile2 (2.4.0)
    multi_xml (0.6.0)
    nokogiri (1.10.10)
      mini_portile2 (~> 2.4.0)
    rake (12.3.3)

PLATFORMS
  ruby

DEPENDENCIES
  dotenv
  httparty
  nokogiri
  rake (~> 12.0)
  spoontastic-meal-plan!

BUNDLED WITH
   2.1.4
